GEM
  remote: https://rubygems.org/
  specs:
    aws-eventstream (1.3.0)
    aws-partitions (1.1040.0)
    aws-sdk-bedrockruntime (1.32.0)
      aws-sdk-core (~> 3, >= 3.210.0)
      aws-sigv4 (~> 1.5)
    aws-sdk-core (3.216.0)
      aws-eventstream (~> 1, >= 1.3.0)
      aws-partitions (~> 1, >= 1.992.0)
      aws-sigv4 (~> 1.9)
      jmespath (~> 1, >= 1.6.1)
    aws-sigv4 (1.11.0)
      aws-eventstream (~> 1, >= 1.0.2)
    dotenv (2.8.1)
    jmespath (1.6.2)
    json (2.9.1)

PLATFORMS
  ruby
  x86_64-linux

DEPENDENCIES
  aws-sdk-bedrockruntime (~> 1.32.0)
  dotenv (~> 2.8)
  json (~> 2.6)

BUNDLED WITH
   2.6.2
